GEM
  remote: http://rubygems.org/
  specs:
    albino (1.3.3)
      posix-spawn (>= 0.3.6)
    bourbon (1.4.0)
      sass (>= 3.1)
    classifier (1.3.3)
      fast-stemmer (>= 1.0.0)
    directory_watcher (1.4.1)
    execjs (1.3.0)
      multi_json (~> 1.0)
    fast-stemmer (1.0.1)
    git (1.2.5)
    jekyll (0.11.2)
      albino (~> 1.3)
      classifier (~> 1.3)
      directory_watcher (~> 1.1)
      kramdown (~> 0.13)
      liquid (~> 2.3)
      maruku (~> 0.5)
    kramdown (0.13.5)
    liquid (2.3.0)
    maruku (0.6.0)
      syntax (>= 1.0.0)
    multi_json (1.2.0)
    posix-spawn (0.3.6)
    rake (0.9.2.2)
    sass (3.1.15)
    syntax (1.0.0)
    uglifier (1.2.4)
      execjs (>= 0.3.0)
      multi_json (>= 1.0.2)

PLATFORMS
  ruby

DEPENDENCIES
  bourbon
  git
  jekyll
  kramdown
  rake
  sass
  uglifier
